GEM
  remote: https://rubygems.org/
  specs:
    azure-documentdb-sdk (0.2.1)
      rest-client (~> 1.8, >= 1.8.0)
    bson (4.2.2)
    domain_name (0.5.20170404)
      unf (>= 0.0.5, < 1.0.0)
    http-cookie (1.0.3)
      domain_name (~> 0.5)
    mime-types (2.99.3)
    mongo (2.4.2)
      bson (>= 4.2.1, < 5.0.0)
    netrc (0.11.0)
    rest-client (1.8.0)
      http-cookie (>= 1.0.2, < 2.0)
      mime-types (>= 1.16, < 3.0)
      netrc (~> 0.7)
    unf (0.1.4)
      unf_ext
    unf_ext (0.0.7.4)

PLATFORMS
  ruby

DEPENDENCIES
  azure-documentdb-sdk
  mongo

BUNDLED WITH
   1.14.6
