GEM
  remote: https://rubygems.org/
  specs:
    azure-documentdb-sdk (0.2.1)
      rest-client (~> 1.8, >= 1.8.0)
    bson (4.2.2)
    domain_name (0.5.20170404)
      unf (>= 0.0.5, < 1.0.0)
    http-cookie (1.0.3)
      domain_name (~> 0.5)
    macaddr (1.7.1)
      systemu (~> 2.6.2)
    mime-types (2.99.3)
    mongo (2.4.2)
      bson (>= 4.2.1, < 5.0.0)
    netrc (0.11.0)
    rest-client (1.8.0)
      http-cookie (>= 1.0.2, < 2.0)
      mime-types (>= 1.16, < 3.0)
      netrc (~> 0.7)
    systemu (2.6.5)
    unf (0.1.4)
      unf_ext
    unf_ext (0.0.7.4)
    uuid (2.3.8)
      macaddr (~> 1.0)

PLATFORMS
  ruby

DEPENDENCIES
  azure-documentdb-sdk
  mongo
  uuid

BUNDLED WITH
   1.14.6
